GEM
  remote: https://rubygems.org/
  specs:
    ProMotion (2.3.0)
      methadone (~> 1.7)
    ProMotion-formotion (0.1.6)
      ProMotion (>= 1.2.0)
      formotion (>= 1.7)
      motion-require (>= 0.2.0)
    ProMotion-map (0.7.0)
      ProMotion (~> 2.0)
    bubble-wrap (1.7.1)
      bubble-wrap-http (= 1.7.1)
    bubble-wrap-http (1.7.1)
    formotion (1.8)
      bubble-wrap (>= 1.4.0)
      motion-require (>= 0.1.0)
    methadone (1.9.1)
      bundler
    motion-require (0.2.0)
    motion-support (0.2.6)
      motion-require (>= 0.0.6)
    newclear (1.2)
      reset-sim
    rake (10.4.2)
    reset-sim (1.1.1)
    sugarcube (3.3.4)

PLATFORMS
  ruby

DEPENDENCIES
  ProMotion (= 2.3.0)
  ProMotion-formotion (= 0.1.6)
  ProMotion-map (= 0.7.0)
  bubble-wrap (= 1.7.1)
  formotion (= 1.8)
  motion-support (= 0.2.6)
  newclear (= 1.2)
  rake
  sugarcube (= 3.3.4)
